PATH
  remote: .
  specs:
    tolgee_liquid (0.1.0)
      message_format (~> 0.0.8)

GEM
  remote: https://rubygems.org/
  specs:
    camertron-eprun (1.1.1)
    cldr-plurals-runtime-rb (1.1.0)
    concurrent-ruby (1.3.1)
    diff-lcs (1.5.1)
    liquid (5.3.0)
    message_format (0.0.8)
      twitter_cldr (~> 6.0)
    rake (10.5.0)
    rspec (3.13.0)
      rspec-core (~> 3.13.0)
      rspec-expectations (~> 3.13.0)
      rspec-mocks (~> 3.13.0)
    rspec-core (3.13.0)
      rspec-support (~> 3.13.0)
    rspec-expectations (3.13.0)
      diff-lcs (>= 1.2.0, < 2.0)
      rspec-support (~> 3.13.0)
    rspec-mocks (3.13.1)
      diff-lcs (>= 1.2.0, < 2.0)
      rspec-support (~> 3.13.0)
    rspec-support (3.13.1)
    twitter_cldr (6.12.1)
      camertron-eprun
      cldr-plurals-runtime-rb (~> 1.1)
      tzinfo
    tzinfo (2.0.6)
      concurrent-ruby (~> 1.0)

PLATFORMS
  ruby

DEPENDENCIES
  bundler (~> 1.17)
  liquid (~> 5.0)
  rake (~> 10.0)
  rspec (~> 3.0)
  tolgee_liquid!

BUNDLED WITH
   1.17.2
